GEM
  remote: https://rubygems.org/
  specs:
    addressable (2.8.6)
      public_suffix (>= 2.0.2, < 6.0)
    asciidoctor (2.0.22)
    base64 (0.2.0)
    bigdecimal (3.1.8)
    builder (3.2.4)
    bump (0.10.0)
    colorator (1.1.0)
    concurrent-ruby (1.2.3)
    date (3.3.4)
    domain_name (0.6.20240107)
    em-websocket (0.5.3)
      eventmachine (>= 0.12.9)
      http_parser.rb (~> 0)
    eventmachine (1.2.7)
    execjs (2.9.1)
    faraday (2.9.0)
      faraday-net_http (>= 2.0, < 3.2)
    faraday-net_http (3.1.0)
      net-http
    ffi (1.16.3)
    forwardable-extended (2.6.0)
    google-protobuf (4.26.1-x64-mingw-ucrt)
      rake (>= 13)
    hashie (5.0.0)
    htmlbeautifier (1.4.3)
    http-accept (1.7.0)
    http-cookie (1.0.5)
      domain_name (~> 0.5)
    http_parser.rb (0.8.0)
    i18n (1.14.5)
      concurrent-ruby (~> 1.0)
    j1-paginator (2022.1.0)
      jekyll (>= 3.6, < 5.0)
    j1-template (2024.2.1)
      bump (~> 0.8)
      colorator (~> 1.0)
      date (~> 3.0)
      jekyll (~> 4.0)
      log4r (~> 1.1, >= 1.1.10)
      mercenary (~> 0.3)
      omniauth (~> 1.0)
      omniauth-oauth2 (~> 1.7)
      pathutil (~> 0.16)
      rack (~> 2.0, >= 2.0.8)
      rack-protection (~> 2.0)
      rack-ssl-enforcer (~> 0.2)
      rest-client (~> 2.0)
      sinatra (~> 2.0)
      warden (~> 1.2)
    jekyll (4.3.3)
      addressable (~> 2.4)
      colorator (~> 1.0)
      em-websocket (~> 0.5)
      i18n (~> 1.0)
      jekyll-sass-converter (>= 2.0, < 4.0)
      jekyll-watch (~> 2.0)
      kramdown (~> 2.3, >= 2.3.1)
      kramdown-parser-gfm (~> 1.0)
      liquid (~> 4.0)
      mercenary (>= 0.3.6, < 0.5)
      pathutil (~> 0.9)
      rouge (>= 3.0, < 5.0)
      safe_yaml (~> 1.0)
      terminal-table (>= 1.8, < 4.0)
      webrick (~> 1.7)
    jekyll-asciidoc (3.0.1)
      asciidoctor (>= 1.5.0, < 3.0.0)
      jekyll (>= 3.0.0)
    jekyll-sass-converter (3.0.0)
      sass-embedded (~> 1.54)
    jekyll-watch (2.2.1)
      listen (~> 3.0)
    json (2.7.2)
    json-minify (0.0.3)
      json (> 0)
    jwt (2.8.1)
      base64
    kramdown (2.4.0)
      rexml
    kramdown-parser-gfm (1.1.0)
      kramdown (~> 2.0)
    liquid (4.0.4)
    listen (3.9.0)
      rb-fsevent (~> 0.10, >= 0.10.3)
      rb-inotify (~> 0.9, >= 0.9.10)
    log4r (1.1.10)
    mercenary (0.4.0)
    mime-types (3.5.2)
      mime-types-data (~> 3.2015)
    mime-types-data (3.2024.0507)
    multi_xml (0.7.1)
      bigdecimal (~> 3.1)
    mustermann (2.0.2)
      ruby2_keywords (~> 0.0.1)
    net-http (0.4.1)
      uri
    netrc (0.11.0)
    nio4r (2.7.3)
    nokogiri (1.16.5-x64-mingw-ucrt)
      racc (~> 1.4)
    nokogiri-pretty (0.1.0)
      nokogiri
    oauth2 (2.0.9)
      faraday (>= 0.17.3, < 3.0)
      jwt (>= 1.0, < 3.0)
      multi_xml (~> 0.5)
      rack (>= 1.2, < 4)
      snaky_hash (~> 2.0)
      version_gem (~> 1.1)
    omniauth (1.9.2)
      hashie (>= 3.4.6)
      rack (>= 1.6.2, < 3)
    omniauth-oauth2 (1.7.3)
      oauth2 (>= 1.4, < 3)
      omniauth (>= 1.9, < 3)
    pathutil (0.16.2)
      forwardable-extended (~> 2.6)
    public_suffix (5.0.5)
    puma (6.4.2)
      nio4r (~> 2.0)
    racc (1.7.3)
    rack (2.2.9)
    rack-protection (2.2.4)
      rack
    rack-ssl-enforcer (0.2.9)
    rake (13.2.1)
    rb-fsevent (0.11.2)
    rb-inotify (0.10.1)
      ffi (~> 1.0)
    rest-client (2.1.0)
      http-accept (>= 1.7.0, < 2.0)
      http-cookie (>= 1.0.2, < 2.0)
      mime-types (>= 1.16, < 4.0)
      netrc (~> 0.8)
    rexml (3.2.6)
    rouge (4.2.1)
    ruby2_keywords (0.0.5)
    safe_yaml (1.0.5)
    sass-embedded (1.77.1-x64-mingw-ucrt)
      google-protobuf (>= 3.25, < 5.0)
    sassc (2.4.0)
      ffi (~> 1.9)
    sinatra (2.2.4)
      mustermann (~> 2.0)
      rack (~> 2.2)
      rack-protection (= 2.2.4)
      tilt (~> 2.0)
    snaky_hash (2.0.1)
      hashie
      version_gem (~> 1.1, >= 1.1.1)
    terminal-table (3.0.2)
      unicode-display_width (>= 1.1.1, < 3)
    tilt (2.3.0)
    tzinfo (2.0.6)
      concurrent-ruby (~> 1.0)
    tzinfo-data (1.2024.1)
      tzinfo (>= 1.0.0)
    uglifier (4.2.0)
      execjs (>= 0.3.0, < 3)
    unicode-display_width (2.5.0)
    uri (0.13.0)
    version_gem (1.1.4)
    warden (1.2.9)
      rack (>= 2.0.9)
    wdm (0.1.1)
    webrick (1.8.1)

PLATFORMS
  x64-mingw-ucrt

DEPENDENCIES
  asciidoctor (~> 2.0)
  builder (~> 3.2)
  bump (~> 0.10)
  date (~> 3.0)
  execjs (~> 2.7)
  htmlbeautifier (>= 1.2.1)
  j1-paginator (>= 2021.1.1)
  j1-template (~> 2024.2)
  jekyll (~> 4.0)
  jekyll-asciidoc (>= 3.0.0)
  json-minify (~> 0.0.3)
  log4r (~> 1.1, >= 1.1.10)
  nokogiri (>= 1.10.3)
  nokogiri-pretty (>= 0.1.0)
  omniauth (~> 1.9)
  omniauth-oauth2 (~> 1.7)
  puma (>= 6.0)
  rack (~> 2.2, >= 2.2.3)
  rack-protection (~> 2.0)
  rack-ssl-enforcer (~> 0.2)
  rest-client (~> 2.0)
  rouge (~> 4.0)
  sassc (~> 2.4)
  sinatra (~> 2.0)
  tzinfo (>= 1.2.2)
  tzinfo-data
  uglifier (~> 4.2)
  warden (~> 1.2)
  wdm (>= 0.1.1)

BUNDLED WITH
   2.5.9
